GEM
  remote: https://rubygems.org/
  specs:
    colorize (0.7.7)
    dotenv (2.1.1)
    graphql (0.15.2)
    jwt (1.5.4)
    pg (0.18.4)
    puma (3.4.0)
    rack (1.6.4)
    rack-cors (0.4.1)
    rack-jwt (0.3.0)
      jwt (~> 1.5.2)
      rack (>= 1.6.0)
    rack-protection (1.5.3)
      rack
    rake (11.2.2)
    roda (2.15.0)
      rack
    sequel (4.35.0)
    sequel-seed (0.3.2)
      sequel (>= 4.0)
    tilt (2.0.5)

PLATFORMS
  ruby

DEPENDENCIES
  colorize
  dotenv
  graphql
  pg
  puma
  rack-cors
  rack-jwt
  rack-protection
  rake
  roda
  sequel
  sequel-seed
  tilt

BUNDLED WITH
   1.12.5
