GEM
  remote: https://rubygems.org/
  specs:
    activemodel (5.0.2)
      activesupport (= 5.0.2)
    activerecord (5.0.2)
      activemodel (= 5.0.2)
      activesupport (= 5.0.2)
      arel (~> 7.0)
    activesupport (5.0.2)
      concurrent-ruby (~> 1.0, >= 1.0.2)
      i18n (~> 0.7)
      minitest (~> 5.1)
      tzinfo (~> 1.1)
    arel (7.1.4)
    colorize (0.7.7)
    concurrent-ruby (1.0.5)
    dotenv (2.1.1)
    graphql (0.15.2)
    i18n (0.8.1)
    jwt (1.5.4)
    minitest (5.10.1)
    pg (0.18.4)
    puma (3.4.0)
    rack (1.6.4)
    rack-cors (0.4.1)
    rack-jwt (0.3.0)
      jwt (~> 1.5.2)
      rack (>= 1.6.0)
    rack-protection (1.5.3)
      rack
    rake (11.2.2)
    roda (2.15.0)
      rack
    sequel (4.35.0)
    sequel-seed (0.3.2)
      sequel (>= 4.0)
    thread_safe (0.3.6)
    tilt (2.0.5)
    tzinfo (1.2.2)
      thread_safe (~> 0.1)

PLATFORMS
  ruby

DEPENDENCIES
  activerecord
  colorize
  dotenv
  graphql
  pg
  puma
  rack-cors
  rack-jwt
  rack-protection
  rake
  roda
  sequel
  sequel-seed
  tilt

BUNDLED WITH
   1.12.5
